PATH
  remote: .
  specs:
    siecle-xml_mapper (0.1.0)
      nokogiri (~> 1.10)

GEM
  remote: https://rubygems.org/
  specs:
    mini_portile2 (2.5.1)
    minitest (5.12.2)
    nokogiri (1.11.5)
      mini_portile2 (~> 2.5.0)
      racc (~> 1.4)
    racc (1.5.2)
    rake (10.5.0)

PLATFORMS
  ruby

DEPENDENCIES
  bundler (~> 1.17)
  minitest (~> 5.0)
  rake (~> 10.0)
  siecle-xml_mapper!

BUNDLED WITH
   1.17.2
