PATH
  remote: .
  specs:
    siecle-xml_mapper (0.1.0)
      nokogiri (~> 1.10)

GEM
  remote: https://rubygems.org/
  specs:
    mini_portile2 (2.4.0)
    minitest (5.12.2)
    nokogiri (1.10.4)
      mini_portile2 (~> 2.4.0)
    rake (13.0.1)

PLATFORMS
  ruby

DEPENDENCIES
  bundler (~> 1.17)
  minitest (~> 5.0)
  rake (~> 13.0)
  siecle-xml_mapper!

BUNDLED WITH
   1.17.2
